GEM
  remote: https://rubygems.org/
  specs:
    faker (1.3.0)
      i18n (~> 0.5)
    i18n (0.7.0)
    json (1.8.2)
    rake (10.4.2)
    sqlite3 (1.3.9)

PLATFORMS
  ruby

DEPENDENCIES
  faker
  json (= 1.8.2)
  rake
  sqlite3 (= 1.3.9)

BUNDLED WITH
   1.16.1
