GEM
  remote: https://rubygems.org/
  specs:
    i18n (0.7.0)
    json (1.8.2)
    rake (10.4.2)

PLATFORMS
  ruby

DEPENDENCIES
  json (= 1.8.2)
  rake

BUNDLED WITH
   1.16.1
